GEM
  remote: https://rubygems.org/
  specs:
    bacon (1.2.0)
    pg (0.17.1)
    rack (1.6.11)
    rack-protection (1.5.5)
      rack
    rack-test (0.6.2)
      rack (>= 1.0)
    sequel (4.6.0)
    sinatra (1.4.4)
      rack (~> 1.4)
      rack-protection (~> 1.4)
      tilt (~> 1.3, >= 1.3.4)
    sinatra-sequel (0.9.0)
      bacon
      sequel (>= 3.2.0)
      sinatra (>= 0.9.4)
    sqlite3 (1.4.1)
    tilt (1.4.1)

PLATFORMS
  ruby

DEPENDENCIES
  pg
  rack-test
  sinatra
  sinatra-sequel
  sqlite3

BUNDLED WITH
   1.16.1
